GEM
  remote: https://rubygems.org/
  specs:
    rake (10.1.0)
    rdoc (4.1.0)

PLATFORMS
  ruby

DEPENDENCIES
  rake
  rdoc
